GIT
  remote: https://github.com/boof/heroku-log-parser.git
  revision: 526feaba6d8fa3d56fdb7cb92c759a65c9b74caf
  specs:
    heroku-log-parser (0.4.0)

GEM
  remote: https://rubygems.org/
  specs:
    aws-sdk (1.67.0)
      aws-sdk-v1 (= 1.67.0)
    aws-sdk-v1 (1.67.0)
      json (~> 1.4)
      nokogiri (~> 1)
    base64 (0.2.0)
    json (1.8.6)
    mini_portile2 (2.8.5)
    newrelic_rpm (9.6.0)
      base64
    nio4r (2.7.0)
    nokogiri (1.15.5)
      mini_portile2 (~> 2.8.2)
      racc (~> 1.4)
    puma (6.4.0)
      nio4r (~> 2.0)
    racc (1.7.3)
    rack (3.0.8)

PLATFORMS
  ruby

DEPENDENCIES
  aws-sdk (~> 1.4)
  heroku-log-parser!
  newrelic_rpm
  nokogiri (>= 1.10.8)
  puma (>= 3.12.3)
  rack (>= 2.0.8)

RUBY VERSION
   ruby 3.2.2p53

BUNDLED WITH
   2.1.4
